GEM
  remote: https://rubygems.org/
  specs:
    minitest (5.16.3)

PLATFORMS
  x86_64-darwin-20

DEPENDENCIES
  minitest

BUNDLED WITH
   2.2.22
